GEM
  remote: https://rubygems.org/
  specs:
    byebug (11.1.3)
    concurrent-ruby (1.1.9)
    date (3.1.0)
    et-orbi (1.2.4)
      tzinfo
    fugit (1.5.1)
      et-orbi (~> 1.1, >= 1.1.8)
      raabro (~> 1.4)
    io-wait (0.1.0)
    mysql2 (0.5.3)
    net-ftp (0.1.3)
      net-protocol
      time
    net-ftp-list (3.3.0)
    net-protocol (0.1.1)
      io-wait
      timeout
    raabro (1.4.0)
    rufus-scheduler (3.8.0)
      fugit (~> 1.1, >= 1.1.6)
    sequel (5.47.0)
    time (0.1.0)
      date
    timeout (0.1.1)
    tzinfo (2.0.4)
      concurrent-ruby (~> 1.0)

PLATFORMS
  x86_64-darwin-20

DEPENDENCIES
  byebug
  mysql2
  net-ftp
  net-ftp-list
  rufus-scheduler
  sequel

RUBY VERSION
   ruby 3.0.2p107

BUNDLED WITH
   2.2.22
